GEM
  remote: https://rubygems.org/
  specs:
    ffi (1.9.10)
    jekyll-feed (0.4.0)
    jekyll-paginate (1.1.0)
    jekyll-watch (1.3.1)
      listen (~> 3.0)
    kramdown (2.3.0)
      rexml
    listen (3.0.6)
      rb-fsevent (>= 0.9.3)
      rb-inotify (>= 0.9.7)
    rb-fsevent (0.9.7)
    rb-inotify (0.9.7)
      ffi (>= 0.5.0)
    rexml (3.2.4)
    rouge (1.10.1)

PLATFORMS
  ruby

DEPENDENCIES
  jekyll-feed
  jekyll-paginate
  jekyll-watch
  kramdown
  rouge
